GEM
  remote: https://rubygems.org/
  specs:
    ffi (1.9.3)
    hashie (2.0.5)
    hipchat (0.12.0)
      httparty
    httparty (0.11.0)
      multi_json (~> 1.0)
      multi_xml (>= 0.5.2)
    i18n (0.6.9)
    json (1.8.1)
    mail (2.5.3)
      i18n (>= 0.4.0)
      mime-types (~> 1.16)
      treetop (~> 1.4.8)
    mime-types (1.25.1)
    multi_json (1.8.2)
    multi_xml (0.5.5)
    os (0.9.6)
    pagerduty (1.3.4)
      json (>= 1.7.7)
    polyglot (0.3.3)
    statsd-ruby (1.2.1)
    sys-cpu (0.7.1)
      ffi (>= 1.0.0)
    sys-filesystem (1.1.1)
      ffi
    thor (0.18.1)
    treetop (1.4.15)
      polyglot
      polyglot (>= 0.3.1)

PLATFORMS
  ruby

DEPENDENCIES
  hashie
  hipchat (~> 0.12.0)
  httparty (~> 0.11.0)
  mail (= 2.5.3)
  os
  pagerduty
  statsd-ruby
  sys-cpu
  sys-filesystem
  thor
